GEM
  remote: https://rubygems.org/
  specs:
    aliastable (1.0.0)
      skewheap (~> 1.0)
    awesome_print (1.2.0)
    minitest (5.4.2)
    ruby-prof (0.15.1)
    sequel (4.16.0)
    skewheap (1.0.0)

PLATFORMS
  ruby

DEPENDENCIES
  aliastable
  awesome_print
  minitest
  ruby-prof
  sequel (~> 4.16.0)
