GEM
  remote: https://rubygems.org/
  specs:
    aliastable (1.0.0)
      skewheap (~> 1.0)
    minitest (5.4.2)
    sequel (4.15.0)
    skewheap (1.0.0)

PLATFORMS
  ruby

DEPENDENCIES
  aliastable
  minitest
  sequel
